GEM
  remote: https://rubygems.org/
  specs:
    coffee-script (2.3.0)
      coffee-script-source
      execjs
    coffee-script-source (1.8.0)
    execjs (2.2.2)
    sass (3.4.9)

PLATFORMS
  ruby

DEPENDENCIES
  coffee-script
  sass
